PATH
  remote: .
  specs:
    mongo_session_store (2.1.0)
      actionpack (> 3.0)

GEM
  remote: http://rubygems.org/
  specs:
    abstract (1.0.0)
    actionpack (3.0.9)
      activemodel (= 3.0.9)
      activesupport (= 3.0.9)
      builder (~> 2.1.2)
      erubis (~> 2.6.6)
      i18n (~> 0.5.0)
      rack (~> 1.2.1)
      rack-mount (~> 0.6.14)
      rack-test (~> 0.5.7)
      tzinfo (~> 0.3.23)
    activemodel (3.0.9)
      activesupport (= 3.0.9)
      builder (~> 2.1.2)
      i18n (~> 0.5.0)
    activesupport (3.0.9)
    bson (1.3.1)
    bson_ext (1.3.1)
    builder (2.1.2)
    erubis (2.6.6)
      abstract (>= 1.0.0)
    i18n (0.5.0)
    mongo (1.3.1)
      bson (>= 1.3.1)
    mongo_mapper (0.9.1)
      activemodel (~> 3.0)
      activesupport (~> 3.0)
      plucky (~> 0.3.8)
    mongoid (2.0.2)
      activemodel (~> 3.0)
      mongo (~> 1.3)
      tzinfo (~> 0.3.22)
    plucky (0.3.8)
      mongo (~> 1.3)
    rack (1.2.3)
    rack-mount (0.6.14)
      rack (>= 1.0.0)
    rack-test (0.5.7)
      rack (>= 1.0)
    rake (0.9.2)
    system_timer (1.2.4)
    tzinfo (0.3.29)

PLATFORMS
  ruby

DEPENDENCIES
  bson_ext (= 1.3.1)
  mongo (= 1.3.1)
  mongo_mapper (>= 0.9.0)
  mongo_session_store!
  mongoid (>= 2.0)
  rake
  system_timer
